GIT
  remote: https://github.optum.com/CommercialCloud-EAC/terraform_common.git
  revision: 869e00824c599b54e2d5eb569f51e22d5a53a63b
  ref: v1.1.3
  specs:
    commercial_cloud (1.1.2)

GEM
  remote: https://rubygems.org/
  specs:
    diff-lcs (1.3)
    mixlib-shellout (2.3.2)
    rspec (3.7.0)
      rspec-core (~> 3.7.0)
      rspec-expectations (~> 3.7.0)
      rspec-mocks (~> 3.7.0)
    rspec-command (1.0.3)
      mixlib-shellout (~> 2.0)
      rspec (~> 3.2)
      rspec-its (~> 1.2)
    rspec-core (3.7.1)
      rspec-support (~> 3.7.0)
    rspec-expectations (3.7.0)
      diff-lcs (>= 1.2.0, < 2.0)
      rspec-support (~> 3.7.0)
    rspec-its (1.2.0)
      rspec-core (>= 3.0.0)
      rspec-expectations (>= 3.0.0)
    rspec-mocks (3.7.0)
      diff-lcs (>= 1.2.0, < 2.0)
      rspec-support (~> 3.7.0)
    rspec-support (3.7.1)

PLATFORMS
  ruby

DEPENDENCIES
  commercial_cloud!
  rspec
  rspec-command

BUNDLED WITH
   1.16.1
