GIT
  remote: https://github.optum.com/CommercialCloud-EAC/terraform_common.git
  revision: 90df7a184cb2d7aee8b518a916297541587751dc
  ref: v1.2.1
  specs:
    commercial_cloud (1.1.2)

GEM
  remote: https://rubygems.org/
  specs:
    diff-lcs (1.3)
    mixlib-shellout (2.4.0)
    rspec (3.8.0)
      rspec-core (~> 3.8.0)
      rspec-expectations (~> 3.8.0)
      rspec-mocks (~> 3.8.0)
    rspec-command (1.0.3)
      mixlib-shellout (~> 2.0)
      rspec (~> 3.2)
      rspec-its (~> 1.2)
    rspec-core (3.8.0)
      rspec-support (~> 3.8.0)
    rspec-expectations (3.8.1)
      diff-lcs (>= 1.2.0, < 2.0)
      rspec-support (~> 3.8.0)
    rspec-its (1.2.0)
      rspec-core (>= 3.0.0)
      rspec-expectations (>= 3.0.0)
    rspec-mocks (3.8.0)
      diff-lcs (>= 1.2.0, < 2.0)
      rspec-support (~> 3.8.0)
    rspec-support (3.8.0)

PLATFORMS
  ruby

DEPENDENCIES
  commercial_cloud!
  rspec
  rspec-command
  rspec-core

BUNDLED WITH
   1.16.1
