GIT
  remote: https://github.optum.com/CommercialCloud-EAC/terraform_common.git
  revision: c0aa4ad23f4a306cbe0084447e31735f0bece427
  ref: v1.1.1
  specs:
    commercial_cloud (1.1.0)

GEM
  remote: https://rubygems.org/
  specs:
    diff-lcs (1.3)
    mixlib-shellout (2.2.7)
    rspec (3.7.0)
      rspec-core (~> 3.7.0)
      rspec-expectations (~> 3.7.0)
      rspec-mocks (~> 3.7.0)
    rspec-command (1.0.3)
      mixlib-shellout (~> 2.0)
      rspec (~> 3.2)
      rspec-its (~> 1.2)
    rspec-core (3.7.0)
      rspec-support (~> 3.7.0)
    rspec-expectations (3.7.0)
      diff-lcs (>= 1.2.0, < 2.0)
      rspec-support (~> 3.7.0)
    rspec-its (1.2.0)
      rspec-core (>= 3.0.0)
      rspec-expectations (>= 3.0.0)
    rspec-mocks (3.7.0)
      diff-lcs (>= 1.2.0, < 2.0)
      rspec-support (~> 3.7.0)
    rspec-support (3.7.0)

PLATFORMS
  ruby

DEPENDENCIES
  commercial_cloud!
  rspec
  rspec-command

BUNDLED WITH
   1.16.1
